{
    "TaskName": "2",
    "Manufacturer": "SNIRF",
    "PowerLineFrequency": 50.0,
    "SamplingFrequency": 50.0,
    "SoftwareFilters": "n/a",
    "RecordingDuration": 786.14,
    "RecordingType": "continuous",
    "EEGChannelCount": 0,
    "EOGChannelCount": 0,
    "ECGChannelCount": 0,
    "EMGChannelCount": 0,
    "MiscChannelCount": 0,
    "TriggerChannelCount": 0,
    "NIRSChannelCount": 16,
    "NIRSSourceOptodeCount": 8,
    "NIRSDetectorOptodeCount": 2
}
